STORAGE: NONE
RESTRICTION: == netstandard2.1
NUGET
  remote: https://api.nuget.org/v3/index.json
    Fable.Browser.Blob (1.1)
      Fable.Core (>= 3.0)
      FSharp.Core (>= 4.6.2)
    Fable.Browser.Dom (1.2)
      Fable.Browser.Blob (>= 1.1)
      Fable.Browser.Event (>= 1.0)
      Fable.Browser.WebStorage (>= 1.0)
      Fable.Core (>= 3.0)
      FSharp.Core (>= 4.7)
    Fable.Browser.Event (1.0)
      Fable.Core (>= 3.0)
      FSharp.Core (>= 4.5.2)
    Fable.Browser.WebStorage (1.0)
      Fable.Browser.Event (>= 1.0)
      Fable.Core (>= 3.0)
      FSharp.Core (>= 4.5.2)
    Fable.Core (3.1.5)
      FSharp.Core (>= 4.7)
    Fable.Elmish (3.1)
      Fable.Core (>= 3.0)
      FSharp.Core (>= 4.6.2)
    Fable.Elmish.React (3.0.1)
      Fable.Core (>= 3.0)
      Fable.Elmish (>= 3.0)
      Fable.React (>= 5.1)
      FSharp.Core (>= 4.6.2)
    Fable.Promise (2.1)
      Fable.Core (>= 3.1.5)
      FSharp.Core (>= 4.7)
    Fable.React (6.2)
      Fable.Browser.Dom (>= 1.0)
      Fable.Core (>= 3.1.5)
      FSharp.Core (>= 4.7)
    Fable.React.Native (2.6.1)
      Fable.Core (>= 3.0)
      Fable.Promise (>= 2.0)
      Fable.React (>= 5.2.3)
      FSharp.Core (>= 4.6.2)
      Thoth.Json (>= 3.1)
    FSharp.Core (4.7.2)
    Thoth.Json (4.1)
      Fable.Core (>= 3.1.4)
      FSharp.Core (>= 4.7)
